PATH
  remote: .
  specs:
    mat_calendar (0.1.0)

GEM
  remote: https://rubygems.org/
  specs:
    coderay (1.1.3)
    method_source (1.0.0)
    minitest (5.16.3)
    pry (0.14.2)
      coderay (~> 1.1)
      method_source (~> 1.0)
    pry-doc (1.4.0)
      pry (~> 0.11)
      yard (~> 0.9.11)
    rake (13.0.6)
    webrick (1.7.0)
    yard (0.9.28)
      webrick (~> 1.7.0)

PLATFORMS
  arm64-darwin-22

DEPENDENCIES
  mat_calendar!
  minitest (~> 5.0)
  pry
  pry-doc
  rake (~> 13.0)

BUNDLED WITH
   2.4.1
